PATH
  remote: .
  specs:
    efax (1.4.2.5)
      builder (~> 3.2)
      hpricot (~> 0.8)

GEM
  remote: http://rubygems.org/
  specs:
    builder (3.2.2)
    coderay (1.1.0)
    hpricot (0.8.6)
    metaclass (0.0.4)
    method_source (0.8.2)
    mocha (1.1.0)
      metaclass (~> 0.0.1)
    power_assert (0.2.7)
    pry (0.10.3)
      coderay (~> 1.1.0)
      method_source (~> 0.8.1)
      slop (~> 3.4)
    rake (10.5.0)
    slop (3.6.0)
    test-unit (3.1.7)
      power_assert

PLATFORMS
  ruby

DEPENDENCIES
  efax!
  mocha (~> 1.1)
  pry (~> 0.10)
  rake
  test-unit (~> 3.1)

BUNDLED WITH
   1.10.6
