PATH
  remote: .
  specs:
    efax (1.4.2)
      builder (~> 3.0.0)
      hpricot (~> 0.8.1)

GEM
  remote: http://rubygems.org/
  specs:
    builder (3.0.0)
    coderay (1.1.0)
    hpricot (0.8.6)
    method_source (0.8.2)
    mocha (0.9.12)
    pry (0.10.3)
      coderay (~> 1.1.0)
      method_source (~> 0.8.1)
      slop (~> 3.4)
    rake (0.9.2)
    slop (3.6.0)
    test-unit (2.3.2)

PLATFORMS
  ruby

DEPENDENCIES
  efax!
  mocha (~> 0.9.12)
  pry (~> 0.10)
  rake
  test-unit (~> 2.3.2)

BUNDLED WITH
   1.10.6
