PATH
  remote: .
  specs:
    efax (1.4.2.1)
      builder (~> 3.0)
      hpricot (~> 0.8.0)

GEM
  remote: http://rubygems.org/
  specs:
    builder (3.2.2)
    hpricot (0.8.6)
    mocha (0.9.12)
    power_assert (0.2.6)
    rake (10.4.2)
    test-unit (3.1.5)
      power_assert

PLATFORMS
  ruby

DEPENDENCIES
  efax!
  mocha (~> 0.9.0)
  rake
  test-unit

BUNDLED WITH
   1.10.6
